PATH
  remote: .
  specs:
    workflow_on_mongoid (0.1)
      bson_ext (~> 1.1)
      mongoid (= 2.0.0.beta.19)
      workflow (~> 0.7)

GEM
  remote: http://rubygems.org/
  specs:
    activemodel (3.0.0)
      activesupport (= 3.0.0)
      builder (~> 2.1.2)
      i18n (~> 0.4.1)
    activerecord (3.0.0)
      activemodel (= 3.0.0)
      activesupport (= 3.0.0)
      arel (~> 1.0.0)
      tzinfo (~> 0.3.23)
    activesupport (3.0.0)
    arel (1.0.1)
      activesupport (~> 3.0.0)
    bson (1.1)
    bson_ext (1.1)
    builder (2.1.2)
    columnize (0.3.1)
    diff-lcs (1.1.2)
    i18n (0.4.1)
    linecache (0.43)
    mocha (0.9.8)
      rake
    mongo (1.0.9)
      bson (>= 1.0.5)
    mongoid (2.0.0.beta.19)
      activemodel (~> 3.0)
      mongo (= 1.0.9)
      tzinfo (~> 0.3.22)
      will_paginate (~> 3.0.pre)
    rake (0.8.7)
    rspec (2.0.0.rc)
      rspec-core (= 2.0.0.rc)
      rspec-expectations (= 2.0.0.rc)
      rspec-mocks (= 2.0.0.rc)
    rspec-core (2.0.0.rc)
    rspec-expectations (2.0.0.rc)
      diff-lcs (>= 1.1.2)
    rspec-mocks (2.0.0.rc)
      rspec-core (= 2.0.0.rc)
      rspec-expectations (= 2.0.0.rc)
    ruby-debug (0.10.3)
      columnize (>= 0.1)
      ruby-debug-base (~> 0.10.3.0)
    ruby-debug-base (0.10.3)
      linecache (>= 0.3)
    sqlite3-ruby (1.3.1)
    tzinfo (0.3.23)
    will_paginate (3.0.pre2)
    workflow (0.7.0)

PLATFORMS
  ruby

DEPENDENCIES
  activerecord
  bson_ext (~> 1.1)
  mocha
  mongoid (= 2.0.0.beta.19)
  rake (= 0.8.7)
  rspec (~> 2.0.0.rc)
  ruby-debug
  sqlite3-ruby
  workflow (~> 0.7)
  workflow_on_mongoid!
